GEM
  remote: https://rubygems.org/
  specs:
    coderay (1.1.0)
    color (1.7.1)
    httparty (0.8.3)
      multi_json (~> 1.0)
      multi_xml
    hue (0.1.3)
      json
      thor
    json (1.8.1)
    method_source (0.8.2)
    multi_json (1.10.1)
    multi_xml (0.5.5)
    nest_thermostat (0.0.4)
      httparty (~> 0.8.3)
    pry (0.10.1)
      coderay (~> 1.1.0)
      method_source (~> 0.8.1)
      slop (~> 3.4)
    rack (1.6.0)
    rack-protection (1.5.3)
      rack
    sinatra (1.4.5)
      rack (~> 1.4)
      rack-protection (~> 1.4)
      tilt (~> 1.3, >= 1.3.4)
    slop (3.6.0)
    thor (0.19.1)
    tilt (1.4.1)

PLATFORMS
  ruby

DEPENDENCIES
  color
  hue
  nest_thermostat
  pry
  sinatra
